GIT
  remote: git://github.com/meinekleinefarm/spree_mkf_theme
  revision: 15729cb3e4ed61d10b4a771a2c48aa829a7a2dcb
  specs:
    spree_mkf_theme (1.2.2)
      spree_core (>= 1.2.2)

GIT
  remote: git://github.com/spree/spree_auth_devise
  revision: ab03a7a22740b52f96bf0311a1e9f18a99ee02f2
  branch: 1-3-stable
  specs:
    spree_auth_devise (1.0.0)
      cancan (~> 1.6.7)
      devise (~> 2.2.3)
      devise-encryptable (= 0.1.1)
      spree_core

GIT
  remote: git://github.com/spree/spree_gateway
  revision: 2c9e850010e49e27d17e9aa484719c976c4b1800
  branch: 1-3-stable
  specs:
    spree_gateway (1.2.0.rc2)
      savon
      spree_core (~> 1.0)

GIT
  remote: git://github.com/spree/spree_i18n.git
  revision: e9e5aa19baa938cac0c82eb3cc2a0dc18159dbf7
  branch: 1-3-stable
  specs:
    spree_i18n (1.0.0)
      i18n (~> 0.5)
      spree_core (>= 1.1)

GIT
  remote: git://github.com/spree/spree_paypal_express.git
  revision: 483f6ababa9c8a1c574aad0a948c96cc21a591db
  branch: 1-3-stable
  specs:
    spree_paypal_express (1.2.0)
      spree_core (~> 1.3.0)

GIT
  remote: git://github.com/spree/spree_reviews.git
  revision: 0f21aa1282eb55aabee93891bac7652198c9575f
  branch: 1-3-stable
  specs:
    spree_reviews (1.0.0)
      spree_core (~> 1.3)

GIT
  remote: git://github.com/spree/spree_social_products.git
  revision: 637bb6905bcebe5ce3799f5f9f8fe4af888de40c
  branch: master
  specs:
    spree_social_products (1.2)
      spree_core (~> 1.2)

GEM
  remote: https://rubygems.org/
  specs:
    actionmailer (3.2.11)
      actionpack (= 3.2.11)
      mail (~> 2.4.4)
    actionpack (3.2.11)
      activemodel (= 3.2.11)
      activesupport (= 3.2.11)
      builder (~> 3.0.0)
      erubis (~> 2.7.0)
      journey (~> 1.0.4)
      rack (~> 1.4.0)
      rack-cache (~> 1.2)
      rack-test (~> 0.6.1)
      sprockets (~> 2.2.1)
    active_utils (1.0.5)
      activesupport (>= 2.3.11)
      i18n
    activemerchant (1.29.3)
      active_utils (>= 1.0.2)
      activesupport (>= 2.3.14)
      builder (>= 2.0.0)
      i18n
      json (>= 1.5.1)
      money
      nokogiri
    activemodel (3.2.11)
      activesupport (= 3.2.11)
      builder (~> 3.0.0)
    activerecord (3.2.11)
      activemodel (= 3.2.11)
      activesupport (= 3.2.11)
      arel (~> 3.0.2)
      tzinfo (~> 0.3.29)
    activeresource (3.2.11)
      activemodel (= 3.2.11)
      activesupport (= 3.2.11)
    activesupport (3.2.11)
      i18n (~> 0.6)
      multi_json (~> 1.0)
    acts_as_list (0.1.4)
    akami (1.2.0)
      gyoku (>= 0.4.0)
      nokogiri (>= 1.4.0)
    arel (3.0.2)
    awesome_nested_set (2.1.5)
      activerecord (>= 3.0.0)
    aws-sdk (1.3.9)
      httparty (~> 0.7)
      json (~> 1.4)
      nokogiri (>= 1.4.4)
      uuidtools (~> 2.1)
    bcrypt-ruby (3.0.1)
    builder (3.0.4)
    cancan (1.6.8)
    capistrano (2.14.1)
      highline
      net-scp (>= 1.0.0)
      net-sftp (>= 2.0.0)
      net-ssh (>= 2.0.14)
      net-ssh-gateway (>= 1.1.0)
    climate_control (0.0.3)
      activesupport (>= 3.0)
    cocaine (0.5.1)
      climate_control (>= 0.0.3, < 1.0)
    coffee-rails (3.2.2)
      coffee-script (>= 2.2.0)
      railties (~> 3.2.0)
    coffee-script (2.2.0)
      coffee-script-source
      execjs
    coffee-script-source (1.4.0)
    deface (0.9.1)
      nokogiri (~> 1.5.0)
      rails (~> 3.1)
    devise (2.2.3)
      bcrypt-ruby (~> 3.0)
      orm_adapter (~> 0.1)
      railties (~> 3.1)
      warden (~> 1.2.1)
    devise-encryptable (0.1.1)
      devise (>= 2.1.0.rc)
    erubis (2.7.0)
    execjs (1.4.0)
      multi_json (~> 1.0)
    ffaker (1.12.1)
    gyoku (1.0.0)
      builder (>= 2.1.2)
    haml (3.1.7)
    highline (1.6.11)
    hike (1.2.1)
    httparty (0.8.3)
      multi_json (~> 1.0)
      multi_xml
    httpi (2.0.2)
      rack
    i18n (0.6.4)
    journey (1.0.4)
    jquery-rails (2.2.1)
      railties (>= 3.0, < 5.0)
      thor (>= 0.14, < 2.0)
    json (1.7.7)
    kaminari (0.13.0)
      actionpack (>= 3.0.0)
      activesupport (>= 3.0.0)
      railties (>= 3.0.0)
    kgio (2.7.4)
    libv8 (3.11.8.13)
    mail (2.4.4)
      i18n (>= 0.4.0)
      mime-types (~> 1.16)
      treetop (~> 1.4.8)
    mime-types (1.21)
    money (5.0.0)
      i18n (~> 0.4)
      json
    multi_json (1.6.1)
    multi_xml (0.5.3)
    mysql2 (0.3.11)
    net-scp (1.0.4)
      net-ssh (>= 1.99.1)
    net-sftp (2.0.5)
      net-ssh (>= 2.0.9)
    net-ssh (2.6.3)
    net-ssh-gateway (1.1.0)
      net-ssh (>= 1.99.1)
    nokogiri (1.5.6)
    nori (2.0.3)
    orm_adapter (0.4.0)
    paperclip (2.8.0)
      activerecord (>= 2.3.0)
      activesupport (>= 2.3.2)
      cocaine (>= 0.0.2)
      mime-types
    polyamorous (0.5.0)
      activerecord (~> 3.0)
    polyglot (0.3.3)
    rabl (0.7.2)
      activesupport (>= 2.3.14)
      multi_json (~> 1.0)
    rack (1.4.5)
    rack-cache (1.2)
      rack (>= 0.4)
    rack-ssl (1.3.3)
      rack
    rack-test (0.6.2)
      rack (>= 1.0)
    rails (3.2.11)
      actionmailer (= 3.2.11)
      actionpack (= 3.2.11)
      activerecord (= 3.2.11)
      activeresource (= 3.2.11)
      activesupport (= 3.2.11)
      bundler (~> 1.0)
      railties (= 3.2.11)
    railties (3.2.11)
      actionpack (= 3.2.11)
      activesupport (= 3.2.11)
      rack-ssl (~> 1.3.2)
      rake (>= 0.8.7)
      rdoc (~> 3.4)
      thor (>= 0.14.6, < 2.0)
    raindrops (0.10.0)
    rake (10.0.3)
    ransack (0.7.3)
      actionpack (~> 3.0)
      activerecord (~> 3.0)
      polyamorous (~> 0.5.0)
    rdoc (3.12.2)
      json (~> 1.4)
    ref (1.0.2)
    sass (3.2.7)
    sass-rails (3.2.6)
      railties (~> 3.2.0)
      sass (>= 3.1.10)
      tilt (~> 1.3)
    savon (2.1.0)
      akami (~> 1.2.0)
      builder (>= 2.1.2)
      gyoku (~> 1.0.0)
      httpi (~> 2.0.2)
      nokogiri (>= 1.4.0)
      nori (~> 2.0.3)
      wasabi (~> 3.0.0)
    select2-rails (3.3.1)
      sass-rails (>= 3.2)
      thor (~> 0.14)
    spree (1.3.2)
      spree_api (= 1.3.2)
      spree_cmd (= 1.3.2)
      spree_core (= 1.3.2)
      spree_dash (= 1.3.2)
      spree_promo (= 1.3.2)
      spree_sample (= 1.3.2)
    spree_api (1.3.2)
      spree_core (= 1.3.2)
      versioncake (= 0.4.0)
    spree_cmd (1.3.2)
      thor (>= 0.14.6)
    spree_core (1.3.2)
      activemerchant (~> 1.29.3)
      acts_as_list (= 0.1.4)
      awesome_nested_set (= 2.1.5)
      aws-sdk (~> 1.3.4)
      cancan (= 1.6.8)
      deface (>= 0.9.0)
      ffaker (~> 1.12.0)
      highline (= 1.6.11)
      jquery-rails (~> 2.2.0)
      kaminari (= 0.13.0)
      money (= 5.0.0)
      paperclip (~> 2.8)
      rabl (= 0.7.2)
      rails (~> 3.2.11)
      ransack (~> 0.7.2)
      select2-rails (~> 3.2)
      state_machine (= 1.1.2)
      stringex (~> 1.3.2)
    spree_dash (1.3.2)
      httparty (~> 0.8.1)
      spree_core (= 1.3.2)
    spree_promo (1.3.2)
      spree_core (= 1.3.2)
    spree_sample (1.3.2)
      spree_core (= 1.3.2)
    sprockets (2.2.2)
      hike (~> 1.2)
      multi_json (~> 1.0)
      rack (~> 1.0)
      tilt (~> 1.1, != 1.3.0)
    state_machine (1.1.2)
    stringex (1.3.3)
    therubyracer (0.11.1)
      libv8 (~> 3.11.8.7)
      ref
    thor (0.17.0)
    tilt (1.3.5)
    treetop (1.4.12)
      polyglot
      polyglot (>= 0.3.1)
    tzinfo (0.3.36)
    uglifier (1.3.0)
      execjs (>= 0.3.0)
      multi_json (~> 1.0, >= 1.0.2)
    unicorn (4.5.0)
      kgio (~> 2.6)
      rack
      raindrops (~> 0.7)
    uuidtools (2.1.3)
    versioncake (0.4.0)
      actionpack (>= 3.0)
      activesupport (>= 3.0)
      railties (>= 3.0)
    warden (1.2.1)
      rack (>= 1.0)
    wasabi (3.0.0)
      httpi (~> 2.0)
      nokogiri (>= 1.4.0)

PLATFORMS
  ruby

DEPENDENCIES
  capistrano
  coffee-rails (~> 3.2.1)
  haml
  jquery-rails
  mysql2
  rails (= 3.2.11)
  sass-rails (~> 3.2.3)
  spree (= 1.3.2)
  spree_auth_devise!
  spree_gateway!
  spree_i18n!
  spree_mkf_theme!
  spree_paypal_express!
  spree_reviews!
  spree_social_products!
  therubyracer
  uglifier (>= 1.0.3)
  unicorn
